PATH
  remote: .
  specs:
    opscode-pushy-client (3.0.5)
      chef (>= 14.0, < 16.0)
      ffi-rzmq
      ohai (>= 14.0, < 16.0)
      uuidtools

GEM
  remote: https://rubygems.org/
  specs:
    addressable (2.6.0)
      public_suffix (>= 2.0.2, < 4.0)
    bcrypt_pbkdf (1.0.1)
    bcrypt_pbkdf (1.0.1-x64-mingw32)
    bcrypt_pbkdf (1.0.1-x86-mingw32)
    builder (3.2.3)
    chef (15.1.36)
      addressable
      bcrypt_pbkdf (~> 1.0)
      bundler (>= 1.10)
      chef-config (= 15.1.36)
      chef-zero (>= 14.0.11)
      diff-lcs (~> 1.2, >= 1.2.4)
      ed25519 (~> 1.2)
      erubis (~> 2.7)
      ffi (~> 1.9, >= 1.9.25)
      ffi-libarchive
      ffi-yajl (~> 2.2)
      highline (>= 1.6.9, < 2)
      iniparse (~> 1.4)
      license-acceptance (~> 1.0, >= 1.0.5)
      mixlib-archive (>= 0.4, < 2.0)
      mixlib-authentication (~> 2.1)
      mixlib-cli (>= 2.1.1, < 3.0)
      mixlib-log (>= 2.0.3, < 4.0)
      mixlib-shellout (>= 2.4, < 4.0)
      net-sftp (~> 2.1, >= 2.1.2)
      net-ssh (>= 4.2, < 6)
      net-ssh-multi (~> 1.2, >= 1.2.1)
      ohai (~> 15.0)
      plist (~> 3.2)
      proxifier (~> 1.0)
      syslog-logger (~> 1.6)
      train-core (~> 2.0, >= 2.0.12)
      tty-screen (~> 0.6)
      uuidtools (~> 2.1.5)
    chef (15.1.36-universal-mingw32)
      addressable
      bcrypt_pbkdf (~> 1.0)
      bundler (>= 1.10)
      chef-config (= 15.1.36)
      chef-zero (>= 14.0.11)
      diff-lcs (~> 1.2, >= 1.2.4)
      ed25519 (~> 1.2)
      erubis (~> 2.7)
      ffi (~> 1.9, >= 1.9.25)
      ffi-libarchive
      ffi-yajl (~> 2.2)
      highline (>= 1.6.9, < 2)
      iniparse (~> 1.4)
      iso8601 (~> 0.12.1)
      license-acceptance (~> 1.0, >= 1.0.5)
      mixlib-archive (>= 0.4, < 2.0)
      mixlib-authentication (~> 2.1)
      mixlib-cli (>= 2.1.1, < 3.0)
      mixlib-log (>= 2.0.3, < 4.0)
      mixlib-shellout (>= 2.4, < 4.0)
      net-sftp (~> 2.1, >= 2.1.2)
      net-ssh (>= 4.2, < 6)
      net-ssh-multi (~> 1.2, >= 1.2.1)
      ohai (~> 15.0)
      plist (~> 3.2)
      proxifier (~> 1.0)
      syslog-logger (~> 1.6)
      train-core (~> 2.0, >= 2.0.12)
      tty-screen (~> 0.6)
      uuidtools (~> 2.1.5)
      win32-api (~> 1.5.3)
      win32-certstore (~> 0.3)
      win32-dir (~> 0.5.0)
      win32-event (~> 0.6.1)
      win32-eventlog (= 0.6.3)
      win32-mmap (~> 0.4.1)
      win32-mutex (~> 0.4.2)
      win32-process (~> 0.8.2)
      win32-service (>= 2.1.2, < 3.0)
      win32-taskscheduler (~> 2.0)
      wmi-lite (~> 1.0)
    chef-config (15.1.36)
      addressable
      fuzzyurl
      mixlib-config (>= 2.2.12, < 4.0)
      mixlib-shellout (>= 2.0, < 4.0)
      tomlrb (~> 1.2)
    chef-zero (14.0.12)
      ffi-yajl (~> 2.2)
      hashie (>= 2.0, < 4.0)
      mixlib-log (>= 2.0, < 4.0)
      rack (~> 2.0, >= 2.0.6)
      uuidtools (~> 2.1)
    diff-lcs (1.3)
    ed25519 (1.2.4)
    equatable (0.6.1)
    erubis (2.7.0)
    ffi (1.11.1)
    ffi (1.11.1-x64-mingw32)
    ffi (1.11.1-x86-mingw32)
    ffi-libarchive (0.4.10)
      ffi (~> 1.0)
    ffi-rzmq (2.0.7)
      ffi-rzmq-core (>= 1.0.7)
    ffi-rzmq-core (1.0.7)
      ffi
    ffi-win32-extensions (1.0.3)
      ffi
    ffi-yajl (2.3.1)
      libyajl2 (~> 1.2)
    fuzzyurl (0.9.0)
    gssapi (1.3.0)
      ffi (>= 1.0.1)
    gyoku (1.3.1)
      builder (>= 2.1.2)
    hashie (3.6.0)
    highline (1.7.10)
    httpclient (2.8.3)
    iniparse (1.4.4)
    ipaddress (0.8.3)
    iso8601 (0.12.1)
    json (2.2.0)
    libyajl2 (1.2.0)
    license-acceptance (1.0.13)
      pastel (~> 0.7)
      tomlrb (~> 1.2)
      tty-box (~> 0.3)
      tty-prompt (~> 0.18)
    little-plugger (1.1.4)
    logging (2.2.2)
      little-plugger (~> 1.1)
      multi_json (~> 1.10)
    mixlib-archive (1.0.1)
      mixlib-log
    mixlib-archive (1.0.1-universal-mingw32)
      mixlib-log
    mixlib-authentication (2.1.1)
    mixlib-cli (2.1.1)
    mixlib-config (3.0.1)
      tomlrb
    mixlib-log (3.0.1)
    mixlib-shellout (3.0.4)
    mixlib-shellout (3.0.4-universal-mingw32)
      win32-process (~> 0.8.2)
      wmi-lite (~> 1.0)
    multi_json (1.13.1)
    necromancer (0.5.0)
    net-scp (2.0.0)
      net-ssh (>= 2.6.5, < 6.0.0)
    net-sftp (2.1.2)
      net-ssh (>= 2.6.5)
    net-ssh (5.2.0)
    net-ssh-gateway (2.0.0)
      net-ssh (>= 4.0.0)
    net-ssh-multi (1.2.1)
      net-ssh (>= 2.6.5)
      net-ssh-gateway (>= 1.2.0)
    nori (2.6.0)
    ohai (15.1.5)
      chef-config (>= 12.8, < 16)
      ffi (~> 1.9)
      ffi-yajl (~> 2.2)
      ipaddress
      mixlib-cli (>= 1.7.0)
      mixlib-config (>= 2.0, < 4.0)
      mixlib-log (>= 2.0.1, < 4.0)
      mixlib-shellout (>= 2.0, < 4.0)
      plist (~> 3.1)
      systemu (~> 2.6.4)
      wmi-lite (~> 1.0)
    pastel (0.7.3)
      equatable (~> 0.6)
      tty-color (~> 0.5)
    plist (3.5.0)
    proxifier (1.0.3)
    public_suffix (3.1.1)
    rack (2.0.7)
    rake (12.3.3)
    rdp-ruby-wmi (0.3.1)
    rspec (3.8.0)
      rspec-core (~> 3.8.0)
      rspec-expectations (~> 3.8.0)
      rspec-mocks (~> 3.8.0)
    rspec-core (3.8.2)
      rspec-support (~> 3.8.0)
    rspec-expectations (3.8.4)
      diff-lcs (>= 1.2.0, < 2.0)
      rspec-support (~> 3.8.0)
    rspec-mocks (3.8.1)
      diff-lcs (>= 1.2.0, < 2.0)
      rspec-support (~> 3.8.0)
    rspec-support (3.8.2)
    rspec_junit_formatter (0.4.1)
      rspec-core (>= 2, < 4, != 2.12.0)
    rubyntlm (0.6.2)
    rubyzip (1.2.3)
    strings (0.1.5)
      strings-ansi (~> 0.1)
      unicode-display_width (~> 1.5)
      unicode_utils (~> 1.4)
    strings-ansi (0.1.0)
    structured_warnings (0.3.0)
    syslog-logger (1.6.8)
    systemu (2.6.5)
    tomlrb (1.2.8)
    train-core (2.1.19)
      json (>= 1.8, < 3.0)
      mixlib-shellout (>= 2.0, < 4.0)
      net-scp (>= 1.2, < 3.0)
      net-ssh (>= 2.9, < 6.0)
      winrm (~> 2.0)
      winrm-fs (~> 1.0)
    tty-box (0.4.0)
      pastel (~> 0.7.2)
      strings (~> 0.1.5)
      tty-cursor (~> 0.7)
    tty-color (0.5.0)
    tty-cursor (0.7.0)
    tty-prompt (0.19.0)
      necromancer (~> 0.5.0)
      pastel (~> 0.7.0)
      tty-reader (~> 0.6.0)
    tty-reader (0.6.0)
      tty-cursor (~> 0.7)
      tty-screen (~> 0.7)
      wisper (~> 2.0.0)
    tty-screen (0.7.0)
    unicode-display_width (1.6.0)
    unicode_utils (1.4.0)
    uuidtools (2.1.5)
    win32-api (1.5.3-universal-mingw32)
    win32-certstore (0.3.0)
      ffi
      mixlib-shellout
    win32-dir (0.5.1)
      ffi (>= 1.0.0)
    win32-event (0.6.3)
      win32-ipc (>= 0.6.0)
    win32-eventlog (0.6.3)
      ffi
    win32-ipc (0.7.0)
      ffi
    win32-mmap (0.4.2)
      ffi
    win32-mutex (0.4.3)
      win32-ipc (>= 0.6.0)
    win32-open3 (0.3.2-x86-mingw32)
    win32-process (0.8.3)
      ffi (>= 1.0.0)
    win32-service (2.1.4)
      ffi
      ffi-win32-extensions
    win32-taskscheduler (2.0.4)
      ffi
      structured_warnings
    windows-api (0.4.4)
      win32-api (>= 1.4.5)
    windows-pr (1.2.6)
      win32-api (>= 1.4.5)
      windows-api (>= 0.4.0)
    winrm (2.3.2)
      builder (>= 2.1.2)
      erubis (~> 2.7)
      gssapi (~> 1.2)
      gyoku (~> 1.0)
      httpclient (~> 2.2, >= 2.2.0.2)
      logging (>= 1.6.1, < 3.0)
      nori (~> 2.0)
      rubyntlm (~> 0.6.0, >= 0.6.1)
    winrm-fs (1.3.2)
      erubis (~> 2.7)
      logging (>= 1.6.1, < 3.0)
      rubyzip (~> 1.1)
      winrm (~> 2.0)
    wisper (2.0.0)
    wmi-lite (1.0.2)
    yard (0.9.20)

PLATFORMS
  ruby
  x64-mingw32
  x86-mingw32

DEPENDENCIES
  ffi
  opscode-pushy-client!
  rake
  rdp-ruby-wmi
  rspec
  rspec_junit_formatter
  win32-api
  win32-dir
  win32-event
  win32-mutex
  win32-open3
  win32-process (>= 0.8.2)
  win32-service
  windows-pr
  yard

BUNDLED WITH
   1.17.3
